GEM
  remote: https://rubygems.org/
  specs:
    text-hyphen (1.4.1)

PLATFORMS
  ruby

DEPENDENCIES
  text-hyphen
